GEM
  remote: https://rubygems.org/
  specs:
    a (0.1.1)

PLATFORMS
  ruby

DEPENDENCIES
  a

BUNDLED WITH
   1.13.6
